GEM
  remote: https://rubygems.org/
  specs:
    diff-lcs (1.3)
    json (2.6.1)
    rspec (3.9.0)
      rspec-core (~> 3.9.0)
      rspec-expectations (~> 3.9.0)
      rspec-mocks (~> 3.9.0)
    rspec-core (3.9.0)
      rspec-support (~> 3.9.0)
    rspec-expectations (3.9.0)
      diff-lcs (>= 1.2.0, < 2.0)
      rspec-support (~> 3.9.0)
    rspec-mocks (3.9.0)
      diff-lcs (>= 1.2.0, < 2.0)
      rspec-support (~> 3.9.0)
    rspec-support (3.9.0)

PLATFORMS
  ruby
  x64-mingw32

DEPENDENCIES
  json (~> 2.2)
  rspec (~> 3.9)

BUNDLED WITH
   2.3.7
